GEM
  remote: http://rubygems.org/
  specs:
    color (1.4.1)

PLATFORMS
  ruby

DEPENDENCIES
  color (~> 1.4.1)
